GEM
  remote: https://rubygems.org/
  specs:
    adsf (1.4.2)
      rack (>= 1.0.0, < 3.0.0)
    cri (2.15.9)
    kramdown (2.3.0)
      rexml
    nanoc (3.8.0)
      cri (~> 2.3)
    rack (2.2.3)
    rexml (3.2.4)

PLATFORMS
  ruby
  x64-mingw32

DEPENDENCIES
  adsf
  kramdown
  nanoc (~> 3.8)

BUNDLED WITH
   2.0.2
